GEM
  remote: https://rubygems.org/
  specs:
    curses (1.3.2)

PLATFORMS
  ruby

DEPENDENCIES
  curses (~> 1.2, >= 1.2.4)

BUNDLED WITH
   1.17.2
